GIT
  remote: git://github.com/agquick/quick_file.git
  revision: 34e51f8b0224b51edd4e652084d1f7917cf0222f
  ref: 34e51f8
  specs:
    quick_file (1.9.2)
      activesupport
      aws-sdk (= 2.2.5)
      mime-types
      rmagick
      stacktor

GIT
  remote: git://github.com/agquick/stacktor.git
  revision: ba80ae8adc02ae49cbb425a7f3710625b18cdc41
  ref: ba80ae8
  specs:
    stacktor (1.1.2)
      activesupport

GEM
  remote: https://rubygems.org/
  specs:
    activesupport (5.1.0)
      concurrent-ruby (~> 1.0, >= 1.0.2)
      i18n (~> 0.7)
      minitest (~> 5.1)
      tzinfo (~> 1.1)
    aws-sdk (2.2.5)
      aws-sdk-resources (= 2.2.5)
    aws-sdk-core (2.2.5)
      jmespath (~> 1.0)
    aws-sdk-resources (2.2.5)
      aws-sdk-core (= 2.2.5)
    concurrent-ruby (1.0.5)
    daemons (1.1.9)
    eventmachine (1.0.7)
    i18n (0.8.1)
    jmespath (1.3.1)
    mime-types (3.1)
      mime-types-data (~> 3.2015)
    mime-types-data (3.2016.0521)
    minitest (5.10.1)
    rack (1.6.0)
    rack-protection (1.5.3)
      rack
    rmagick (2.16.0)
    sinatra (1.4.6)
      rack (~> 1.4)
      rack-protection (~> 1.4)
      tilt (>= 1.3, < 3)
    thin (1.6.3)
      daemons (~> 1.0, >= 1.0.9)
      eventmachine (~> 1.0)
      rack (~> 1.0)
    thread_safe (0.3.6)
    tilt (2.0.1)
    tzinfo (1.2.3)
      thread_safe (~> 0.1)

PLATFORMS
  ruby

DEPENDENCIES
  quick_file!
  sinatra (= 1.4.6)
  stacktor!
  thin

BUNDLED WITH
   1.12.5
