GIT
  remote: git://github.com/agquick/quick_file.git
  revision: 31b1c8a88624f8761b110127bc47b725879263ba
  tag: develop
  specs:
    quick_file (1.4.1)
      activesupport
      aws-sdk (= 1.59)
      mime-types
      right_aws (= 3.1.0)
      rmagick

GEM
  remote: https://rubygems.org/
  specs:
    activesupport (4.2.0)
      i18n (~> 0.7)
      json (~> 1.7, >= 1.7.7)
      minitest (~> 5.1)
      thread_safe (~> 0.3, >= 0.3.4)
      tzinfo (~> 1.1)
    aws-sdk (1.59.0)
      aws-sdk-v1 (= 1.59.0)
    aws-sdk-v1 (1.59.0)
      json (~> 1.4)
      nokogiri (>= 1.4.4)
    daemons (1.1.9)
    eventmachine (1.0.7)
    i18n (0.7.0)
    json (1.8.2)
    mime-types (2.4.3)
    mini_portile (0.6.2)
    minitest (5.5.1)
    nokogiri (1.6.6.2)
      mini_portile (~> 0.6.0)
    rack (1.6.0)
    rack-protection (1.5.3)
      rack
    right_aws (3.1.0)
      right_http_connection (>= 1.2.5)
    right_http_connection (1.5.0)
    rmagick (2.13.4)
    sinatra (1.4.5)
      rack (~> 1.4)
      rack-protection (~> 1.4)
      tilt (~> 1.3, >= 1.3.4)
    thin (1.6.3)
      daemons (~> 1.0, >= 1.0.9)
      eventmachine (~> 1.0)
      rack (~> 1.0)
    thread_safe (0.3.4)
    tilt (1.4.1)
    tzinfo (1.2.2)
      thread_safe (~> 0.1)

PLATFORMS
  ruby

DEPENDENCIES
  quick_file!
  sinatra (= 1.4.5)
  thin
